GEM
  remote: https://rubygems.org/
  specs:
    activemodel (5.2.1)
      activesupport (= 5.2.1)
    activemodel-serializers-xml (1.0.2)
      activemodel (> 5.x)
      activesupport (> 5.x)
      builder (~> 3.1)
    activeresource (5.0.0)
      activemodel (>= 5.0, < 6)
      activemodel-serializers-xml (~> 1.0)
      activesupport (>= 5.0, < 6)
    activesupport (5.2.1)
      concurrent-ruby (~> 1.0, >= 1.0.2)
      i18n (>= 0.7, < 2)
      minitest (~> 5.1)
      tzinfo (~> 1.1)
    backports (3.11.4)
    builder (3.2.3)
    concurrent-ruby (1.0.5)
    dotenv (2.5.0)
    graphql (1.8.10)
    graphql-client (0.13.0)
      activesupport (>= 3.0, < 6.0)
      graphql (~> 1.6)
    httparty (0.16.2)
      multi_xml (>= 0.5.2)
    i18n (1.1.0)
      concurrent-ruby (~> 1.0)
    minitest (5.11.3)
    multi_json (1.13.1)
    multi_xml (0.6.0)
    mustermann (1.0.3)
    rack (2.0.5)
    rack-protection (2.0.4)
      rack
    ruby_http_client (3.3.0)
    sendgrid-ruby (5.3.0)
      ruby_http_client (~> 3.3.0)
      sinatra (>= 1.4.7, < 3)
    shopify_api (5.1.0)
      activeresource (>= 3.0.0)
      graphql-client
      rack
    sinatra (2.0.4)
      mustermann (~> 1.0)
      rack (~> 2.0)
      rack-protection (= 2.0.4)
      tilt (~> 2.0)
    sinatra-contrib (2.0.4)
      activesupport (>= 4.0.0)
      backports (>= 2.8.2)
      multi_json
      mustermann (~> 1.0)
      rack-protection (= 2.0.4)
      sinatra (= 2.0.4)
      tilt (>= 1.3, < 3)
    sinatra-cross_origin (0.4.0)
    thread_safe (0.3.6)
    tilt (2.0.8)
    tzinfo (1.2.5)
      thread_safe (~> 0.1)

PLATFORMS
  ruby

DEPENDENCIES
  bundler
  dotenv
  httparty
  sendgrid-ruby
  shopify_api
  sinatra
  sinatra-contrib
  sinatra-cross_origin

RUBY VERSION
   ruby 2.5.0p0

BUNDLED WITH
   1.16.6
